GIT
  remote: file:///home/jmax/projects/parser
  revision: f6963aeb7102df79e487fe2b37fdc0c3ab8654df
  specs:
    parser (2.4.0.0)
      ast (~> 2.2)

GEM
  remote: https://rubygems.org/
  specs:
    ast (2.3.0)
    diff-lcs (1.3)
    rspec (3.5.0)
      rspec-core (~> 3.5.0)
      rspec-expectations (~> 3.5.0)
      rspec-mocks (~> 3.5.0)
    rspec-core (3.5.4)
      rspec-support (~> 3.5.0)
    rspec-expectations (3.5.0)
      diff-lcs (>= 1.2.0, < 2.0)
      rspec-support (~> 3.5.0)
    rspec-mocks (3.5.0)
      diff-lcs (>= 1.2.0, < 2.0)
      rspec-support (~> 3.5.0)
    rspec-support (3.5.0)

PLATFORMS
  ruby

DEPENDENCIES
  parser!
  rspec

BUNDLED WITH
   1.13.6
